GEM
  remote: https://rubygems.org/
  specs:
    holiday_jp (0.4.3)
    jpstock (0.6.7)
      nokogiri
    mail (2.6.3)
      mime-types (>= 1.16, < 3)
    mime-types (2.6.1)
    mini_portile (0.6.2)
    nokogiri (1.6.6.2)
      mini_portile (~> 0.6.0)

PLATFORMS
  ruby

DEPENDENCIES
  holiday_jp
  jpstock
  mail
  nokogiri

BUNDLED WITH
   1.10.5
